GIT
  remote: git://github.com/Mapotempo/active_hash.git
  revision: ed1faced2e4aac535b47f533a7dee84c0cd039a4
  specs:
    active_hash (1.4.1)
      activesupport (>= 2.2.2)

GIT
  remote: git://github.com/Mapotempo/balanced_vrp_clustering.git
  revision: 68406fde5241378780afd0ff01c697791aa3205b
  branch: dev
  specs:
    balanced_vrp_clustering (0.1.7)
      awesome_print
      color-generator
      geojson2image

GEM
  remote: https://rubygems.org/
  specs:
    activemodel (5.2.3)
      activesupport (= 5.2.3)
    activesupport (5.2.3)
      concurrent-ruby (~> 1.0, >= 1.0.2)
      i18n (>= 0.7, < 2)
      minitest (~> 5.1)
      tzinfo (~> 1.1)
    ai4r (1.13)
    ansi (1.5.0)
    anyway_config (1.4.4)
    ast (2.4.1)
    awesome_print (1.8.0)
    axiom-types (0.1.1)
      descendants_tracker (~> 0.0.4)
      ice_nine (~> 0.11.0)
      thread_safe (~> 0.3, >= 0.3.1)
    backport (0.3.0)
    benchmark-ips (2.7.2)
    builder (3.2.3)
    byebug (11.0.1)
    charlock_holmes (0.7.7)
    chunky_png (1.3.14)
    coercible (1.0.0)
      descendants_tracker (~> 0.0.1)
    color-generator (0.0.4)
    concurrent-ruby (1.1.5)
    daemons (1.3.1)
    descendants_tracker (0.0.4)
      thread_safe (~> 0.3, >= 0.3.1)
    docile (1.3.2)
    domain_name (0.5.20190701)
      unf (>= 0.0.5, < 1.0.0)
    equalizer (0.0.11)
    eventmachine (1.2.7)
    fakeredis (0.7.0)
      redis (>= 3.2, < 5.0)
    geojson2image (0.2.2)
      chunky_png (~> 1.3)
      oj (~> 3.6)
    google-protobuf (3.9.1)
    grape (0.18.0)
      activesupport
      builder
      hashie (>= 2.1.0)
      multi_json (>= 1.3.2)
      multi_xml (>= 0.5.2)
      mustermann-grape (~> 0.4.0)
      rack (>= 1.3.0)
      rack-accept
      virtus (>= 1.0.0)
    grape-entity (0.7.1)
      activesupport (>= 4.0)
      multi_json (>= 1.3.2)
    grape-swagger (0.25.3)
      grape (>= 0.12.0)
    grape-swagger-entity (0.1.5)
      grape-entity
      grape-swagger (>= 0.20.4)
    grape_logging (1.8.1)
      grape
      rack
    hashie (3.6.0)
    htmlentities (4.3.4)
    http-cookie (1.0.3)
      domain_name (~> 0.5)
    http_accept_language (2.1.0)
    i18n (1.6.0)
      concurrent-ruby (~> 1.0)
    ice_nine (0.11.2)
    jaro_winkler (1.5.4)
    json (2.2.0)
    kramdown (1.17.0)
    litecable (0.5.0)
      anyway_config (~> 1.0)
    mime-types (3.2.2)
      mime-types-data (~> 3.2015)
    mime-types-data (3.2019.0331)
    mini_portile2 (2.4.0)
    minitest (5.11.3)
    minitest-around (0.5.0)
      minitest (~> 5.0)
    minitest-bisect (1.5.1)
      minitest-server (~> 1.0)
      path_expander (~> 1.1)
    minitest-focus (1.1.2)
      minitest (>= 4, < 6)
    minitest-reporters (1.3.8)
      ansi
      builder
      minitest (>= 5.0)
      ruby-progressbar
    minitest-server (1.0.6)
      minitest (~> 5.0)
    minitest-stub_any_instance (1.0.2)
    mono_logger (1.1.0)
    multi_json (1.13.1)
    multi_xml (0.6.0)
    mustermann (0.4.0)
      tool (~> 0.2)
    mustermann-grape (0.4.0)
      mustermann (= 0.4.0)
    netrc (0.11.0)
    nio4r (2.4.0)
    nokogiri (1.10.4)
      mini_portile2 (~> 2.4.0)
    oj (3.10.8)
    parallel (1.19.2)
    parser (2.7.1.4)
      ast (~> 2.4.1)
    path_expander (1.1.0)
    polylines (0.3.0)
    puma (4.1.0)
      nio4r (~> 2.0)
    rack (1.5.5)
    rack-accept (0.4.5)
      rack (>= 0.4)
    rack-contrib (1.8.0)
      rack (~> 1.4)
    rack-cors (1.0.3)
    rack-protection (1.5.5)
      rack
    rack-test (1.1.0)
      rack (>= 1.0, < 3)
    rainbow (3.0.0)
    rake (10.3.2)
    redis (3.3.5)
    redis-activesupport (5.0.7)
      activesupport (>= 3, < 6)
      redis-store (>= 1.3, < 2)
    redis-namespace (1.6.0)
      redis (>= 3.0.4)
    redis-store (1.6.0)
      redis (>= 2.2, < 5)
    require_all (2.0.0)
    resque (1.27.4)
      mono_logger (~> 1.0)
      multi_json (~> 1.0)
      redis-namespace (~> 1.3)
      sinatra (>= 0.9.2)
      vegas (~> 0.1.2)
    resque-status (0.5.0)
      resque (~> 1.19)
    rest-client (2.0.2)
      http-cookie (>= 1.0.2, < 2.0)
      mime-types (>= 1.16, < 4.0)
      netrc (~> 0.8)
    reverse_markdown (1.1.0)
      nokogiri
    rexml (3.2.4)
    rgeo (2.1.0)
    rgeo-geojson (2.1.1)
      rgeo (>= 1.0.0)
    rubocop (0.81.0)
      jaro_winkler (~> 1.5.1)
      parallel (~> 1.10)
      parser (>= 2.7.0.1)
      rainbow (>= 2.2.2, < 4.0)
      rexml
      ruby-progressbar (~> 1.7)
      unicode-display_width (>= 1.4.0, < 2.0)
    rubocop-minitest (0.8.1)
      rubocop (>= 0.74)
    rubocop-performance (1.5.2)
      rubocop (>= 0.71.0)
    rubrowser (2.7.1)
      litecable
      parser (~> 2.3, >= 2.3.0)
      puma
      websocket
    ruby-progressbar (1.10.1)
    sim_annealing (0.0.2)
    simplecov (0.17.0)
      docile (~> 1.1)
      json (>= 1.8, < 3)
      simplecov-html (~> 0.10.0)
    simplecov-html (0.10.2)
    sinatra (1.4.8)
      rack (~> 1.5)
      rack-protection (~> 1.4)
      tilt (>= 1.3, < 3)
    solargraph (0.31.3)
      backport (~> 0.3)
      htmlentities (~> 4.3, >= 4.3.4)
      jaro_winkler (~> 1.5)
      kramdown (~> 1.16)
      parser (~> 2.3)
      reverse_markdown (~> 1.0, >= 1.0.5)
      rubocop (~> 0.52)
      thor (~> 0.19, >= 0.19.4)
      tilt (~> 2.0)
      yard (~> 0.9)
    thin (1.7.2)
      daemons (~> 1.0, >= 1.0.9)
      eventmachine (~> 1.0, >= 1.0.4)
      rack (>= 1, < 3)
    thor (0.20.3)
    thread_safe (0.3.6)
    tilt (2.0.9)
    tool (0.2.3)
    tzinfo (1.2.5)
      thread_safe (~> 0.1)
    unf (0.1.4)
      unf_ext
    unf_ext (0.0.7.6)
    unicode-display_width (1.7.0)
    vegas (0.1.11)
      rack (>= 1.0.0)
    virtus (1.0.5)
      axiom-types (~> 0.1)
      coercible (~> 1.0)
      descendants_tracker (~> 0.0, >= 0.0.3)
      equalizer (~> 0.0, >= 0.0.9)
    websocket (1.2.8)
    yard (0.9.20)

PLATFORMS
  ruby

DEPENDENCIES
  active_hash!
  activemodel
  ai4r
  balanced_vrp_clustering!
  benchmark-ips
  byebug
  charlock_holmes
  fakeredis
  google-protobuf (>= 3)
  grape (< 0.19.0)
  grape-entity
  grape-swagger (< 0.26.0)
  grape-swagger-entity (< 0.1.6)
  grape_logging
  http_accept_language
  i18n
  minitest
  minitest-around
  minitest-bisect
  minitest-focus
  minitest-reporters
  minitest-stub_any_instance
  nokogiri
  polylines
  puma
  rack
  rack-contrib
  rack-cors
  rack-test
  rake
  redis (< 4)
  redis-activesupport
  require_all
  resque (< 2)
  resque-status (> 0.4)
  rest-client
  rgeo
  rgeo-geojson
  rubocop
  rubocop-minitest
  rubocop-performance
  rubrowser
  sim_annealing
  simplecov
  solargraph
  thin

RUBY VERSION
   ruby 2.5.8p224

BUNDLED WITH
   1.17.3
