GIT
  remote: https://github.com/Mapotempo/active_hash.git
  revision: 6471576562e2db78fa87f8a1cc6ec848c88ab76e
  branch: mapo
  specs:
    active_hash (3.1.0)
      activesupport (>= 5.0.0)

GIT
  remote: https://github.com/Mapotempo/balanced_vrp_clustering.git
  revision: f05b84f49cfc8803ef0adc2bdc12627720d82796
  branch: dev
  specs:
    balanced_vrp_clustering (0.1.7)
      awesome_print
      color-generator
      geojson2image

GIT
  remote: https://github.com/senhalil/rack.git
  revision: a23188bb32972dde155977655f57dea035eee6ea
  branch: improved-asserts
  specs:
    rack (2.2.3)

GEM
  remote: https://rubygems.org/
  specs:
    actionpack (6.0.3.3)
      actionview (= 6.0.3.3)
      activesupport (= 6.0.3.3)
      rack (~> 2.0, >= 2.0.8)
      rack-test (>= 0.6.3)
      rails-dom-testing (~> 2.0)
      rails-html-sanitizer (~> 1.0, >= 1.2.0)
    actionview (6.0.3.3)
      activesupport (= 6.0.3.3)
      builder (~> 3.1)
      erubi (~> 1.4)
      rails-dom-testing (~> 2.0)
      rails-html-sanitizer (~> 1.1, >= 1.2.0)
    activemodel (6.0.3.3)
      activesupport (= 6.0.3.3)
    activesupport (6.0.3.3)
      concurrent-ruby (~> 1.0, >= 1.0.2)
      i18n (>= 0.7, < 2)
      minitest (~> 5.1)
      tzinfo (~> 1.1)
      zeitwerk (~> 2.2, >= 2.2.2)
    ai4r (1.13)
    ansi (1.5.0)
    anyway_config (2.0.6)
      ruby-next-core (>= 0.8.0)
    ast (2.4.1)
    awesome_print (1.8.0)
    backport (1.1.2)
    benchmark (0.1.0)
    benchmark-ips (2.8.3)
    builder (3.2.4)
    byebug (11.1.3)
    charlock_holmes (0.7.7)
    chunky_png (1.4.0)
    color-generator (0.0.4)
    concurrent-ruby (1.1.7)
    crass (1.0.6)
    daemons (1.3.1)
    docile (1.3.2)
    domain_name (0.5.20190701)
      unf (>= 0.0.5, < 1.0.0)
    dry-configurable (0.12.1)
      concurrent-ruby (~> 1.0)
      dry-core (~> 0.5, >= 0.5.0)
    dry-container (0.7.2)
      concurrent-ruby (~> 1.0)
      dry-configurable (~> 0.1, >= 0.1.3)
    dry-core (0.5.0)
      concurrent-ruby (~> 1.0)
    dry-inflector (0.2.0)
    dry-logic (1.1.0)
      concurrent-ruby (~> 1.0)
      dry-core (~> 0.5, >= 0.5)
    dry-types (1.5.1)
      concurrent-ruby (~> 1.0)
      dry-container (~> 0.3)
      dry-core (~> 0.5, >= 0.5)
      dry-inflector (~> 0.1, >= 0.1.2)
      dry-logic (~> 1.0, >= 1.0.2)
    e2mmap (0.1.0)
    erubi (1.10.0)
    eventmachine (1.2.7)
    geojson2image (0.2.2)
      chunky_png (~> 1.3)
      oj (~> 3.6)
    google-protobuf (3.13.0)
    grape (1.5.3)
      activesupport
      builder
      dry-types (>= 1.1)
      mustermann-grape (~> 1.0.0)
      rack (>= 1.3.0)
      rack-accept
    grape-entity (0.8.1)
      activesupport (>= 3.0.0)
      multi_json (>= 1.3.2)
    grape-swagger (1.3.0)
      grape (~> 1.3)
    grape-swagger-entity (0.5.1)
      grape-entity (>= 0.6.0)
      grape-swagger (>= 1.2.0)
    grape_logging (1.8.4)
      grape
      rack
    heap-profiler (0.4.0)
    http-accept (1.7.0)
    http-cookie (1.0.3)
      domain_name (~> 0.5)
    http_accept_language (2.1.1)
    i18n (1.8.5)
      concurrent-ruby (~> 1.0)
    jaro_winkler (1.5.4)
    litecable (0.7.0)
      anyway_config (>= 1.0)
    loofah (2.9.0)
      crass (~> 1.0.2)
      nokogiri (>= 1.5.9)
    maruku (0.7.3)
    memory_profiler (1.0.0)
    mime-types (3.3.1)
      mime-types-data (~> 3.2015)
    mime-types-data (3.2020.0512)
    mini_portile2 (2.5.0)
    minitest (5.14.2)
    minitest-around (0.5.0)
      minitest (~> 5.0)
    minitest-bisect (1.5.1)
      minitest-server (~> 1.0)
      path_expander (~> 1.1)
    minitest-focus (1.2.1)
      minitest (>= 4, < 6)
    minitest-reporters (1.4.2)
      ansi
      builder
      minitest (>= 5.0)
      ruby-progressbar
    minitest-server (1.0.6)
      minitest (~> 5.0)
    minitest-stub_any_instance (1.0.2)
    mono_logger (1.1.0)
    multi_json (1.15.0)
    mustermann (1.1.1)
      ruby2_keywords (~> 0.0.1)
    mustermann-grape (1.0.1)
      mustermann (>= 1.0.0)
    netrc (0.11.0)
    nio4r (2.5.4)
    nokogiri (1.11.0)
      mini_portile2 (~> 2.5.0)
      racc (~> 1.4)
    oj (3.11.2)
    parallel (1.20.1)
    parser (2.7.2.0)
      ast (~> 2.4.1)
    path_expander (1.1.0)
    polylines (0.3.0)
    puma (5.0.0)
      nio4r (~> 2.0)
    racc (1.5.2)
    rack-accept (0.4.5)
      rack (>= 0.4)
    rack-contrib (2.3.0)
      rack (~> 2.0)
    rack-cors (1.0.3)
    rack-protection (2.1.0)
      rack
    rack-test (1.1.0)
      rack (>= 1.0, < 3)
    rails-dom-testing (2.0.3)
      activesupport (>= 4.2.0)
      nokogiri (>= 1.6)
    rails-html-sanitizer (1.3.0)
      loofah (~> 2.3)
    rainbow (3.0.0)
    rake (10.3.2)
    redis (3.3.5)
    redis-activesupport (5.2.0)
      activesupport (>= 3, < 7)
      redis-store (>= 1.3, < 2)
    redis-namespace (1.8.0)
      redis (>= 3.0.4)
    redis-store (1.6.0)
      redis (>= 2.2, < 5)
    require_all (3.0.0)
    resque (1.27.4)
      mono_logger (~> 1.0)
      multi_json (~> 1.0)
      redis-namespace (~> 1.3)
      sinatra (>= 0.9.2)
      vegas (~> 0.1.2)
    resque-status (0.5.0)
      resque (~> 1.19)
    rest-client (2.1.0)
      http-accept (>= 1.7.0, < 2.0)
      http-cookie (>= 1.0.2, < 2.0)
      mime-types (>= 1.16, < 4.0)
      netrc (~> 0.8)
    reverse_markdown (2.0.0)
      nokogiri
    rexml (3.2.4)
    rgeo (2.1.1)
    rgeo-geojson (2.1.1)
      rgeo (>= 1.0.0)
    rubocop (0.81.0)
      jaro_winkler (~> 1.5.1)
      parallel (~> 1.10)
      parser (>= 2.7.0.1)
      rainbow (>= 2.2.2, < 4.0)
      rexml
      ruby-progressbar (~> 1.7)
      unicode-display_width (>= 1.4.0, < 2.0)
    rubocop-minitest (0.9.0)
      rubocop (>= 0.74)
    rubocop-performance (1.6.1)
      rubocop (>= 0.71.0)
    rubrowser (2.9.0)
      litecable
      parser
      puma
      websocket
    ruby-next-core (0.10.2)
    ruby-progressbar (1.11.0)
    ruby2_keywords (0.0.2)
    sim_annealing (0.0.2)
    simplecov (0.19.0)
      docile (~> 1.1)
      simplecov-html (~> 0.11)
    simplecov-html (0.12.2)
    sinatra (2.1.0)
      mustermann (~> 1.0)
      rack (~> 2.2)
      rack-protection (= 2.1.0)
      tilt (~> 2.0)
    solargraph (0.39.15)
      backport (~> 1.1)
      benchmark
      bundler (>= 1.17.2)
      e2mmap
      jaro_winkler (~> 1.5)
      maruku (~> 0.7, >= 0.7.3)
      nokogiri (~> 1.9, >= 1.9.1)
      parser (~> 2.3)
      reverse_markdown (>= 1.0.5, < 3)
      rubocop (~> 0.52)
      thor (~> 1.0)
      tilt (~> 2.0)
      yard (~> 0.9, >= 0.9.24)
    thin (1.7.2)
      daemons (~> 1.0, >= 1.0.9)
      eventmachine (~> 1.0, >= 1.0.4)
      rack (>= 1, < 3)
    thor (1.0.1)
    thread_safe (0.3.6)
    tilt (2.0.10)
    tzinfo (1.2.7)
      thread_safe (~> 0.1)
    unf (0.1.4)
      unf_ext
    unf_ext (0.0.7.7)
    unicode-display_width (1.7.0)
    vegas (0.1.11)
      rack (>= 1.0.0)
    websocket (1.2.8)
    yard (0.9.25)
    zeitwerk (2.4.0)
    zlib (1.0.0)

PLATFORMS
  ruby

DEPENDENCIES
  actionpack
  active_hash!
  activemodel
  ai4r
  balanced_vrp_clustering!
  benchmark-ips
  byebug
  charlock_holmes
  google-protobuf (>= 3)
  grape (>= 1.5.3)
  grape-entity
  grape-swagger
  grape-swagger-entity
  grape_logging
  heap-profiler
  http_accept_language
  i18n
  memory_profiler
  minitest
  minitest-around
  minitest-bisect
  minitest-focus
  minitest-reporters
  minitest-stub_any_instance
  nokogiri
  oj
  polylines
  puma
  rack!
  rack-contrib
  rack-cors
  rack-test
  rake
  redis (< 4)
  redis-activesupport
  require_all
  resque (< 2)
  resque-status (> 0.4)
  rest-client
  rgeo
  rgeo-geojson
  rubocop (< 0.82)
  rubocop-minitest
  rubocop-performance
  rubrowser
  sim_annealing
  simplecov
  solargraph
  thin
  zlib

RUBY VERSION
   ruby 2.5.7p206

BUNDLED WITH
   2.2.6
